GEM
  remote: http://rubygems.org/
  specs:
    json (1.8.1)
    multipart-post (2.0.0)

PLATFORMS
  ruby

DEPENDENCIES
  json
  multipart-post
